PATH
  remote: .
  specs:
    distinctio (0.0.1)
      activesupport
      diff_match_patch

GEM
  remote: https://rubygems.org/
  specs:
    activesupport (3.2.8)
      i18n (~> 0.6)
      multi_json (~> 1.0)
    diff-lcs (1.1.3)
    diff_match_patch (0.1.0)
    i18n (0.6.1)
    multi_json (1.3.6)
    rake (0.9.2.2)
    rspec (2.11.0)
      rspec-core (~> 2.11.0)
      rspec-expectations (~> 2.11.0)
      rspec-mocks (~> 2.11.0)
    rspec-core (2.11.1)
    rspec-expectations (2.11.3)
      diff-lcs (~> 1.1.3)
    rspec-mocks (2.11.3)

PLATFORMS
  ruby

DEPENDENCIES
  distinctio!
  rake
  rspec
